GIT
  remote: git://github.com/segfault88/toto.git
  revision: e05ec7034c73fc3c8888dc85537bc580689c468c
  ref: e05ec70
  specs:
    toto (0.4.9)
      builder
      rack
      rdiscount

GEM
  remote: http://rubygems.org/
  specs:
    builder (3.0.0)
    rack (1.3.2)
    rdiscount (1.6.8)

PLATFORMS
  ruby

DEPENDENCIES
  builder
  rdiscount
  toto!
