GIT
  remote: git://github.com/segfault88/toto.git
  revision: e05ec7034c73fc3c8888dc85537bc580689c468c
  ref: e05ec70
  specs:
    toto (0.4.9)
      builder
      rack
      rdiscount

GEM
  remote: http://rubygems.org/
  specs:
    builder (3.0.0)
    daemons (1.1.4)
    eventmachine (0.12.10)
    rack (1.3.2)
    rdiscount (1.6.8)
    thin (1.2.11)
      daemons (>= 1.0.9)
      eventmachine (>= 0.12.6)
      rack (>= 1.0.0)

PLATFORMS
  ruby

DEPENDENCIES
  builder
  rdiscount
  thin
  toto!
