GEM
  remote: http://rubygems.org/
  specs:
    builder (3.0.0)
    columnize (0.3.4)
    daemons (1.1.4)
    eventmachine (0.12.10)
    linecache (0.46)
      rbx-require-relative (> 0.0.4)
    rack (1.3.2)
    rbx-require-relative (0.0.5)
    rdiscount (1.6.8)
    ruby-debug (0.10.4)
      columnize (>= 0.1)
      ruby-debug-base (~> 0.10.4.0)
    ruby-debug-base (0.10.4)
      linecache (>= 0.3)
    thin (1.2.11)
      daemons (>= 1.0.9)
      eventmachine (>= 0.12.6)
      rack (>= 1.0.0)
    toto (0.4.9)
      builder
      rack
      rdiscount

PLATFORMS
  ruby

DEPENDENCIES
  builder
  rdiscount
  ruby-debug
  thin
  toto
